PATH
  remote: ../rulers
  specs:
    rulers (0.0.2)
      erubis
      multi_json
      rack (~> 2.2)
      sqlite3

GEM
  remote: https://rubygems.org/
  specs:
    debug (1.9.2)
      irb (~> 1.10)
      reline (>= 0.3.8)
    erubis (2.7.0)
    ffi (1.17.1-arm64-darwin)
    io-console (0.7.2)
    irb (1.14.1)
      rdoc (>= 4.0.0)
      reline (>= 0.4.2)
    listen (3.9.0)
      rb-fsevent (~> 0.10, >= 0.10.3)
      rb-inotify (~> 0.9, >= 0.9.10)
    multi_json (1.15.0)
    nio4r (2.7.3)
    psych (5.1.2)
      stringio
    puma (6.4.3)
      nio4r (~> 2.0)
    rack (2.2.10)
    rb-fsevent (0.11.2)
    rb-inotify (0.11.1)
      ffi (~> 1.0)
    rdoc (6.7.0)
      psych (>= 4.0.0)
    reline (0.5.10)
      io-console (~> 0.5)
    rerun (0.14.0)
      listen (~> 3.0)
    sqlite3 (2.5.0-arm64-darwin)
    stringio (3.1.1)

PLATFORMS
  arm64-darwin-23
  arm64-darwin-24

DEPENDENCIES
  debug
  puma
  rerun
  rulers!

BUNDLED WITH
   2.5.11
