GEM
  remote: https://rubygems.org/
  specs:
    rack (2.2.9)
    rulers (0.0.1)
      rack (~> 2.2)

PLATFORMS
  arm64-darwin-23
  ruby

DEPENDENCIES
  rulers

BUNDLED WITH
   2.5.11
