PATH
  remote: ../rulers
  specs:
    rulers (0.0.2)
      rack (~> 2.2)

GEM
  remote: https://rubygems.org/
  specs:
    nio4r (2.7.3)
    puma (6.4.3)
      nio4r (~> 2.0)
    rack (2.2.10)

PLATFORMS
  arm64-darwin-23
  ruby

DEPENDENCIES
  puma
  rulers!

BUNDLED WITH
   2.5.11
